REDIRECTS: ON
NUGET
  remote: https://www.nuget.org/api/v2
  specs:
    Akka (1.0.5)
      Newtonsoft.Json (>= 7.0.1)
    Akka.FSharp (1.0.5)
      Akka (>= 1.0.5)
      FsPickler (>= 1.2.21)
      FSPowerPack.Core.Community (>= 3.0.0.0)
      FSPowerPack.Linq.Community (>= 3.0.0.0)
    Dynamitey (1.0.2)
    FAKE (4.10.3)
    FSharp.Compiler.Service (1.4.0.6)
    FSharp.Configuration (0.5.7)
    FSharp.Core (4.0.0.1)
    FSharp.Formatting (2.12.0)
      FSharp.Compiler.Service (1.4.0.6)
      FSharpVSPowerTools.Core (2.1.0)
    FSharp.Interop.Dynamic (3.0.0)
      Dynamitey (>= 1.0.2.0)
      FSharp.Core (>= 3.1.2.1)
    FSharpVSPowerTools.Core (2.1.0)
      FSharp.Compiler.Service (>= 1.4.0.6)
    FsPickler (1.7.0)
    FSPowerPack.Core.Community (3.0.0)
    FSPowerPack.Linq.Community (3.0.0)
      FSPowerPack.Core.Community
    Microsoft.AspNet.Cors (5.2.3)
    Microsoft.AspNet.SignalR.Core (2.2.0)
      Microsoft.Owin (>= 2.1.0)
      Microsoft.Owin.Security (>= 2.1.0)
      Newtonsoft.Json (>= 6.0.4)
      Owin (>= 1.0)
    Microsoft.AspNet.SignalR.SystemWeb (2.2.0)
      Microsoft.AspNet.SignalR.Core (>= 2.2.0)
      Microsoft.Owin.Host.SystemWeb (>= 2.1.0)
    Microsoft.Bcl (1.1.10)
      Microsoft.Bcl.Build (>= 1.0.14)
    Microsoft.Bcl.Build (1.0.21) - import_targets: false
    Microsoft.Net.Http (2.2.29)
      Microsoft.Bcl (>= 1.1.10)
      Microsoft.Bcl.Build (>= 1.0.14)
    Microsoft.Owin (3.0.1)
      Owin (>= 1.0)
    Microsoft.Owin.Cors (3.0.1)
      Microsoft.AspNet.Cors (>= 5.0.0)
      Microsoft.Owin (>= 3.0.1)
      Owin (>= 1.0)
    Microsoft.Owin.Host.SystemWeb (3.0.1)
      Microsoft.Owin (>= 3.0.1)
      Owin (>= 1.0)
    Microsoft.Owin.Security (3.0.1)
      Microsoft.Owin (>= 3.0.1)
      Owin (>= 1.0)
    Newtonsoft.Json (7.0.1)
    Octokit (0.16.0)
      Microsoft.Net.Http
    Owin (1.0)
    SourceLink.Fake (1.1.0)
    Topshelf (3.3.1)
    Topshelf.FSharp (2.1.0)
      Topshelf (>= 3.2.0)
GITHUB
  remote: fsharp/FAKE
  specs:
    modules/Octokit/Octokit.fsx (29cd4ee57792f0f35e18bd97d4517eb8c94de569)
      Octokit